GEM
  remote: http://rubygems.org/
  specs:
    minitest (5.10.2)

PLATFORMS
  ruby

DEPENDENCIES
  minitest (~> 5.4)

BUNDLED WITH
   1.14.6
